PATH
  remote: .
  specs:
    gattica (1.1.0)

GEM
  remote: http://rubygems.org/
  specs:
    json (1.8.0)
    test-unit (2.5.5)

PLATFORMS
  ruby

DEPENDENCIES
  bundler
  gattica!
  json
  test-unit
