PATH
  remote: .
  specs:
    gattica (0.4.7)
      gattica
      hpricot

GEM
  remote: http://rubygems.org/
  specs:
    hpricot (0.8.4)
    rake (0.9.1)

PLATFORMS
  ruby

DEPENDENCIES
  gattica!
  rake
