PATH
  remote: .
  specs:
    gattica (0.6.2)

GEM
  remote: http://rubygems.org/
  specs:
    json (1.8.0)
    test-unit (2.5.5)

PLATFORMS
  ruby

DEPENDENCIES
  bundler
  gattica!
  json
  test-unit
