PATH
  remote: .
  specs:
    gattica (0.5.0)
      hpricot

GEM
  remote: http://rubygems.org/
  specs:
    hpricot (0.8.4)
    rake (0.9.2)
    test-unit (2.3.0)

PLATFORMS
  ruby

DEPENDENCIES
  gattica!
  rake
  test-unit
